GEM
  remote: https://rubygems.org/
  specs:
    cuba (3.3.0)
      rack
    cutest (1.2.1)
    dotenv (0.11.1)
      dotenv-deployment (~> 0.0.2)
    dotenv-deployment (0.0.2)
    pg (0.17.1)
    rack (1.5.2)
    rack-test (0.6.2)
      rack (>= 1.0)
    rake (10.3.2)
    sequel (4.14.0)
    sqlite3 (1.3.9)

PLATFORMS
  ruby

DEPENDENCIES
  cuba (~> 3.3.0)
  cutest
  dotenv (~> 0.11.1)
  pg
  rack-test
  rake (~> 10.3.2)
  sequel (~> 4.14.0)
  sqlite3
