GEM
  remote: https://rubygems.org/
  specs:
    cuba (3.3.0)
      rack
    cutest (1.2.1)
    rack (1.5.2)
    rack-test (0.6.2)
      rack (>= 1.0)

PLATFORMS
  ruby

DEPENDENCIES
  cuba (~> 3.3.0)
  cutest
  rack-test
